GEM
  remote: https://rubygems.org/
  specs:
    bson (4.1.1)
    diff-lcs (1.2.5)
    mini_portile2 (2.1.0)
    mongo (2.3.0)
      bson (~> 4.1)
    mustermann (1.1.1)
      ruby2_keywords (~> 0.0.1)
    nokogiri (1.6.8.1)
      mini_portile2 (~> 2.1.0)
    rack (2.2.3)
    rack-protection (2.2.0)
      rack
    rake (12.3.3)
    rspec (3.5.0)
      rspec-core (~> 3.5.0)
      rspec-expectations (~> 3.5.0)
      rspec-mocks (~> 3.5.0)
    rspec-core (3.5.4)
      rspec-support (~> 3.5.0)
    rspec-expectations (3.5.0)
      diff-lcs (>= 1.2.0, < 2.0)
      rspec-support (~> 3.5.0)
    rspec-mocks (3.5.0)
      diff-lcs (>= 1.2.0, < 2.0)
      rspec-support (~> 3.5.0)
    rspec-support (3.5.0)
    ruby2_keywords (0.0.5)
    sass (3.4.22)
    sinatra (2.2.0)
      mustermann (~> 1.0)
      rack (~> 2.2)
      rack-protection (= 2.2.0)
      tilt (~> 2.0)
    slim (3.0.7)
      temple (~> 0.7.6)
      tilt (>= 1.3.3, < 2.1)
    temple (0.7.7)
    tilt (2.0.10)

PLATFORMS
  ruby

DEPENDENCIES
  mongo
  nokogiri
  rake
  rspec
  sass
  sinatra
  slim

BUNDLED WITH
   1.11.2
