GEM
  remote: https://rubygems.org/
  specs:
    bson (4.1.1)
    diff-lcs (1.2.5)
    mini_portile2 (2.1.0)
    mongo (2.3.0)
      bson (~> 4.1)
    nokogiri (1.6.8.1)
      mini_portile2 (~> 2.1.0)
    rack (1.6.11)
    rack-protection (1.5.2)
      rack
    rake (10.5.0)
    rspec (3.5.0)
      rspec-core (~> 3.5.0)
      rspec-expectations (~> 3.5.0)
      rspec-mocks (~> 3.5.0)
    rspec-core (3.5.4)
      rspec-support (~> 3.5.0)
    rspec-expectations (3.5.0)
      diff-lcs (>= 1.2.0, < 2.0)
      rspec-support (~> 3.5.0)
    rspec-mocks (3.5.0)
      diff-lcs (>= 1.2.0, < 2.0)
      rspec-support (~> 3.5.0)
    rspec-support (3.5.0)
    sass (3.4.22)
    sinatra (1.4.4)
      rack (~> 1.4)
      rack-protection (~> 1.4)
      tilt (~> 1.3, >= 1.3.4)
    slim (3.0.7)
      temple (~> 0.7.6)
      tilt (>= 1.3.3, < 2.1)
    temple (0.7.7)
    tilt (1.4.1)

PLATFORMS
  ruby

DEPENDENCIES
  mongo
  nokogiri
  rake
  rspec
  sass
  sinatra
  slim

BUNDLED WITH
   1.11.2
